GEM
  remote: https://rubygems.org/
  specs:
    byebug (11.1.3)
    httparty (0.18.1)
      mime-types (~> 3.0)
      multi_xml (>= 0.5.2)
    mime-types (3.3.1)
      mime-types-data (~> 3.2015)
    mime-types-data (3.2021.0212)
    multi_xml (0.6.0)
    nokogiri (1.11.1-x86_64-darwin)
      racc (~> 1.4)
    racc (1.5.2)

PLATFORMS
  x86_64-darwin-19

DEPENDENCIES
  byebug (~> 11.1)
  httparty (~> 0.18.1)
  nokogiri (~> 1.11.1)

BUNDLED WITH
   2.2.3
